GEM
  remote: http://rubygems.org/
  specs:
    chronic (0.3.0)
    daemons (1.1.0)
    eventmachine (0.12.10)
    haml (3.0.25)
    mysql (2.8.1)
    rack (1.2.1)
    sass (3.1.0.alpha.221)
    sequel (3.20.0)
    sinatra (1.1.2)
      rack (~> 1.1)
      tilt (~> 1.2)
    sinatra-sequel (0.9.0)
      sequel (>= 3.2.0)
      sinatra (>= 0.9.4)
    thin (1.2.7)
      daemons (>= 1.0.9)
      eventmachine (>= 0.12.6)
      rack (>= 1.0.0)
    tilt (1.2.2)

PLATFORMS
  ruby

DEPENDENCIES
  chronic
  haml
  mysql
  sass
  sequel
  sinatra
  sinatra-sequel
  thin
